PATH
  remote: .
  specs:
    k2e (0.1.0)
      dotenv (~> 2.6.0, >= 2.6.0)
      evernote_oauth (~> 0.2.3)
      kindleclippings (~> 1.4, >= 1.4.0)

GEM
  remote: https://rubygems.org/
  specs:
    coderay (1.1.2)
    dotenv (2.6.0)
    evernote-thrift (1.25.2)
    evernote_oauth (0.2.3)
      evernote-thrift
      oauth (>= 0.4.1)
    kindleclippings (1.4.0)
    method_source (0.9.2)
    oauth (0.5.4)
    pry (0.12.2)
      coderay (~> 1.1.0)
      method_source (~> 0.9.0)
    rake (10.5.0)

PLATFORMS
  ruby

DEPENDENCIES
  bundler (~> 1.16)
  k2e!
  pry (~> 0.12.2)
  rake (~> 10.0)

BUNDLED WITH
   1.16.6
